PATH
  remote: .
  specs:
    mongo_queue (0.1.3)
      bson (= 1.1.4)
      bson_ext (= 1.1.4)
      mongo (= 1.1.4)

GEM
  remote: http://rubygems.org/
  specs:
    bson (1.1.4)
    bson_ext (1.1.4)
    diff-lcs (1.1.3)
    json (1.6.2)
    mongo (1.1.4)
      bson (>= 1.1.1)
    rake (0.9.2.2)
    rdoc (3.11)
      json (~> 1.4)
    rspec (2.7.0)
      rspec-core (~> 2.7.0)
      rspec-expectations (~> 2.7.0)
      rspec-mocks (~> 2.7.0)
    rspec-core (2.7.1)
    rspec-expectations (2.7.0)
      diff-lcs (~> 1.1.2)
    rspec-mocks (2.7.0)

PLATFORMS
  ruby

DEPENDENCIES
  mongo_queue!
  rake
  rdoc
  rspec
